GEM
  remote: https://rubygems.org/
  specs:
    async (1.8.0)
      nio4r (~> 2.3)
      timers (~> 4.1)
    async-dns (1.2.0)
      async-io (~> 1.3)
    async-http (0.24.1)
      async (~> 1.6)
      async-io (~> 1.12)
      http-2 (~> 0.9.0)
    async-io (1.12.0)
      async (~> 1.3)
    coderay (1.1.2)
    hitimes (1.2.6)
    http-2 (0.9.1)
    method_source (0.9.0)
    nio4r (2.3.1)
    pry (0.11.3)
      coderay (~> 1.1.0)
      method_source (~> 0.9.0)
    timers (4.1.2)
      hitimes

PLATFORMS
  ruby

DEPENDENCIES
  async-dns (~> 1.2)
  async-http
  pry

BUNDLED WITH
   1.16.1
